GIT
  remote: https://github.com/muffinista/mastodon-api
  revision: 67ea58a7f747f8333cb2e603c998924e3074863a
  branch: master
  specs:
    mastodon-api (1.1.0)
      addressable (~> 2.4)
      buftok
      http (~> 2.0)

GEM
  remote: https://rubygems.org/
  specs:
    activemodel (5.0.2)
      activesupport (= 5.0.2)
    activesupport (5.0.2)
      concurrent-ruby (~> 1.0, >= 1.0.2)
      i18n (~> 0.7)
      minitest (~> 5.1)
      tzinfo (~> 1.1)
    addressable (2.5.1)
      public_suffix (~> 2.0, >= 2.0.2)
    buftok (0.2.0)
    coderay (1.1.1)
    concurrent-ruby (1.0.5)
    domain_name (0.5.20170404)
      unf (>= 0.0.5, < 1.0.0)
    dotenv (2.2.0)
    ethon (0.10.1)
      ffi (>= 1.3.0)
    ffi (1.9.18)
    htmlentities (4.3.4)
    http (2.2.1)
      addressable (~> 2.3)
      http-cookie (~> 1.0)
      http-form_data (~> 1.0.1)
      http_parser.rb (~> 0.6.0)
    http-cookie (1.0.3)
      domain_name (~> 0.5)
    http-form_data (1.0.1)
    http_parser.rb (0.6.0)
    i18n (0.8.1)
    json (2.1.0)
    method_source (0.8.2)
    mini_portile2 (2.1.0)
    minitest (5.10.1)
    nokogiri (1.7.1)
      mini_portile2 (~> 2.1.0)
    pry (0.10.4)
      coderay (~> 1.1.0)
      method_source (~> 0.8.1)
      slop (~> 3.4)
    public_suffix (2.0.5)
    slop (3.6.0)
    thread_safe (0.3.6)
    typhoeus (1.1.2)
      ethon (>= 0.9.0)
    tzinfo (1.2.3)
      thread_safe (~> 0.1)
    unf (0.1.4)
      unf_ext
    unf_ext (0.0.7.4)
    wordnik (4.12)
      activemodel (>= 3.0.3)
      addressable (>= 2.2.4)
      htmlentities (>= 4.2.4)
      json (>= 1.4.6)
      nokogiri (>= 1.4.4)
      typhoeus (>= 0.2.1)

PLATFORMS
  ruby

DEPENDENCIES
  dotenv
  mastodon-api!
  nokogiri
  pry
  wordnik

BUNDLED WITH
   1.12.5
